GEM
  remote: https://rubygems.org/
  specs:
    coderay (1.1.2)
    docile (1.3.1)
    json (2.1.0)
    method_source (0.9.2)
    minitest (5.11.3)
    pry (0.12.2)
      coderay (~> 1.1.0)
      method_source (~> 0.9.0)
    rake (12.3.2)
    simplecov (0.16.1)
      docile (~> 1.1)
      json (>= 1.8, < 3)
      simplecov-html (~> 0.10.0)
    simplecov-html (0.10.2)

PLATFORMS
  ruby

DEPENDENCIES
  minitest
  pry
  rake
  simplecov

BUNDLED WITH
   1.17.2
